REDIRECTS: ON
RESTRICTION: == net462
NUGET
  remote: https://api.nuget.org/v3/index.json
    FSharp.Configuration (1.0.1)
    FSharp.Core (5.0) - redirects: force
    NUnit (3.12)
    NUnit.Console (3.11.1)
      NUnit.ConsoleRunner (>= 3.11.1)
      NUnit.Extension.NUnitProjectLoader (>= 3.6)
      NUnit.Extension.NUnitV2Driver (>= 3.8)
      NUnit.Extension.NUnitV2ResultWriter (>= 3.6)
      NUnit.Extension.TeamCityEventListener (>= 1.0.7)
      NUnit.Extension.VSProjectLoader (>= 3.8)
    NUnit.ConsoleRunner (3.11.1)
    NUnit.Extension.NUnitProjectLoader (3.6)
    NUnit.Extension.NUnitV2Driver (3.8)
    NUnit.Extension.NUnitV2ResultWriter (3.6)
    NUnit.Extension.TeamCityEventListener (1.0.7)
    NUnit.Extension.VSProjectLoader (3.8)
    NUnit.Runners (3.11.1)
      NUnit.Console (>= 3.11.1)
    NUnitTestAdapter (2.1.1)
